GEM
  remote: https://rubygems.org/
  remote: https://rails-assets.org/
  specs:
    actionmailer (3.2.16)
      actionpack (= 3.2.16)
      mail (~> 2.5.4)
    actionpack (3.2.16)
      activemodel (= 3.2.16)
      activesupport (= 3.2.16)
      builder (~> 3.0.0)
      erubis (~> 2.7.0)
      journey (~> 1.0.4)
      rack (~> 1.4.5)
      rack-cache (~> 1.2)
      rack-test (~> 0.6.1)
      sprockets (~> 2.2.1)
    activemodel (3.2.16)
      activesupport (= 3.2.16)
      builder (~> 3.0.0)
    activerecord (3.2.16)
      activemodel (= 3.2.16)
      activesupport (= 3.2.16)
      arel (~> 3.0.2)
      tzinfo (~> 0.3.29)
    activeresource (3.2.16)
      activemodel (= 3.2.16)
      activesupport (= 3.2.16)
    activesupport (3.2.16)
      i18n (~> 0.6, >= 0.6.4)
      multi_json (~> 1.0)
    arel (3.0.3)
    better_errors (1.1.0)
      coderay (>= 1.0.0)
      erubis (>= 2.6.6)
    binding_of_caller (0.7.2)
      debug_inspector (>= 0.0.1)
    builder (3.0.4)
    coderay (1.1.0)
    coffee-rails (3.2.2)
      coffee-script (>= 2.2.0)
      railties (~> 3.2.0)
    coffee-script (2.2.0)
      coffee-script-source
      execjs
    coffee-script-source (1.6.3)
    columnize (0.3.6)
    daemons (1.1.9)
    debug_inspector (0.0.2)
    debugger (1.6.5)
      columnize (>= 0.3.1)
      debugger-linecache (~> 1.2.0)
      debugger-ruby_core_source (~> 1.3.1)
    debugger-linecache (1.2.0)
    debugger-ruby_core_source (1.3.1)
    erubis (2.7.0)
    eventmachine (1.0.3-x86-mingw32)
    execjs (2.0.2)
    hike (1.2.3)
    i18n (0.6.9)
    journey (1.0.4)
    jquery-rails (3.0.4)
      railties (>= 3.0, < 5.0)
      thor (>= 0.14, < 2.0)
    json (1.8.1)
    mail (2.5.4)
      mime-types (~> 1.16)
      treetop (~> 1.4.8)
    method_source (0.8.2)
    mime-types (1.25.1)
    multi_json (1.8.4)
    polyglot (0.3.3)
    pry (0.9.12.4-x86-mingw32)
      coderay (~> 1.0)
      method_source (~> 0.8)
      slop (~> 3.4)
      win32console (~> 1.3)
    pry-debugger (0.2.2)
      debugger (~> 1.3)
      pry (~> 0.9.10)
    pry-doc (0.5.1)
      pry (>= 0.9)
      yard (>= 0.8)
    pry-rails (0.3.2)
      pry (>= 0.9.10)
    rack (1.4.5)
    rack-cache (1.2)
      rack (>= 0.4)
    rack-ssl (1.3.3)
      rack
    rack-test (0.6.2)
      rack (>= 1.0)
    rails (3.2.16)
      actionmailer (= 3.2.16)
      actionpack (= 3.2.16)
      activerecord (= 3.2.16)
      activeresource (= 3.2.16)
      activesupport (= 3.2.16)
      bundler (~> 1.0)
      railties (= 3.2.16)
    rails-assets-angular (1.2.10)
    rails-assets-angular-resource (1.2.10)
      rails-assets-angular (= 1.2.10)
    rails-assets-angular-route (1.2.10)
      rails-assets-angular (= 1.2.10)
    rails-assets-bootstrap (3.0.3)
      rails-assets-jquery (>= 1.9.0)
    rails-assets-jquery (2.1.0)
    railties (3.2.16)
      actionpack (= 3.2.16)
      activesupport (= 3.2.16)
      rack-ssl (~> 1.3.2)
      rake (>= 0.8.7)
      rdoc (~> 3.4)
      thor (>= 0.14.6, < 2.0)
    rake (10.1.1)
    rdoc (3.12.2)
      json (~> 1.4)
    sass (3.2.14)
    sass-rails (3.2.6)
      railties (~> 3.2.0)
      sass (>= 3.1.10)
      tilt (~> 1.3)
    sequenced (1.5.0)
      activerecord (>= 3.0)
      activesupport (>= 3.0)
    slop (3.4.7)
    sprockets (2.2.2)
      hike (~> 1.2)
      multi_json (~> 1.0)
      rack (~> 1.0)
      tilt (~> 1.1, != 1.3.0)
    sqlite3 (1.3.8-x86-mingw32)
    thin (1.6.1)
      daemons (>= 1.0.9)
      eventmachine (>= 1.0.0)
      rack (>= 1.0.0)
    thor (0.18.1)
    tilt (1.4.1)
    treetop (1.4.15)
      polyglot
      polyglot (>= 0.3.1)
    tzinfo (0.3.38)
    uglifier (2.4.0)
      execjs (>= 0.3.0)
      json (>= 1.8.0)
    win32console (1.3.2-x86-mingw32)
    yard (0.8.7.3)

PLATFORMS
  x86-mingw32

DEPENDENCIES
  better_errors
  binding_of_caller
  coffee-rails (~> 3.2.1)
  jquery-rails
  pry-debugger
  pry-doc
  pry-rails
  rails (= 3.2.16)
  rails-assets-angular
  rails-assets-angular-resource
  rails-assets-angular-route
  rails-assets-bootstrap
  sass-rails (~> 3.2.3)
  sequenced
  sqlite3
  thin
  uglifier (>= 1.0.3)
